GEM
  remote: https://rubygems.org/
  specs:
    prettier_print (0.1.0)
    syntax_tree (2.7.1)
      prettier_print

PLATFORMS
  x86_64-linux

DEPENDENCIES
  syntax_tree

BUNDLED WITH
   2.3.14
