GEM
  remote: https://rubygems.org/
  specs:
    minitest (5.16.3)
    prettier_print (1.0.2)
    rake (13.0.6)
    syntax_tree (4.2.0)
      prettier_print (>= 1.0.2)

PLATFORMS
  x86_64-linux

DEPENDENCIES
  minitest
  rake
  syntax_tree

BUNDLED WITH
   2.3.19
