PATH
  remote: .
  specs:
    rail_inspector (0.0.2)
      syntax_tree (= 6.1.1)
      thor (~> 1.0)

GEM
  remote: https://rubygems.org/
  specs:
    actionpack (7.0.5)
      actionview (= 7.0.5)
      activesupport (= 7.0.5)
      rack (~> 2.0, >= 2.2.4)
      rack-test (>= 0.6.3)
      rails-dom-testing (~> 2.0)
      rails-html-sanitizer (~> 1.0, >= 1.2.0)
    actionview (7.0.5)
      activesupport (= 7.0.5)
      builder (~> 3.1)
      erubi (~> 1.4)
      rails-dom-testing (~> 2.0)
      rails-html-sanitizer (~> 1.1, >= 1.2.0)
    activesupport (7.0.5)
      concurrent-ruby (~> 1.0, >= 1.0.2)
      i18n (>= 1.6, < 2)
      minitest (>= 5.1)
      tzinfo (~> 2.0)
    ast (2.4.2)
    builder (3.2.4)
    concurrent-ruby (1.2.2)
    crass (1.0.6)
    erubi (1.12.0)
    i18n (1.14.1)
      concurrent-ruby (~> 1.0)
    json (2.6.3)
    loofah (2.21.3)
      crass (~> 1.0.2)
      nokogiri (>= 1.12.0)
    method_source (1.0.0)
    minitest (5.18.0)
    nokogiri (1.15.2-x86_64-linux)
      racc (~> 1.4)
    parallel (1.23.0)
    parser (3.2.2.1)
      ast (~> 2.4.1)
    prettier_print (1.2.1)
    racc (1.6.2)
    rack (2.2.7)
    rack-test (2.1.0)
      rack (>= 1.3)
    rails-dom-testing (2.0.3)
      activesupport (>= 4.2.0)
      nokogiri (>= 1.6)
    rails-html-sanitizer (1.6.0)
      loofah (~> 2.21)
      nokogiri (~> 1.14)
    railties (7.0.5)
      actionpack (= 7.0.5)
      activesupport (= 7.0.5)
      method_source
      rake (>= 12.2)
      thor (~> 1.0)
      zeitwerk (~> 2.5)
    rainbow (3.1.1)
    rake (13.0.6)
    regexp_parser (2.8.0)
    rexml (3.2.5)
    rubocop (1.52.0)
      json (~> 2.3)
      parallel (~> 1.10)
      parser (>= 3.2.0.0)
      rainbow (>= 2.2.2, < 4.0)
      regexp_parser (>= 1.8, < 3.0)
      rexml (>= 3.2.5, < 4.0)
      rubocop-ast (>= 1.28.0, < 2.0)
      ruby-progressbar (~> 1.7)
      unicode-display_width (>= 2.4.0, < 3.0)
    rubocop-ast (1.29.0)
      parser (>= 3.2.1.0)
    rubocop-md (1.2.0)
      rubocop (>= 1.0)
    rubocop-minitest (0.31.0)
      rubocop (>= 1.39, < 2.0)
    rubocop-packaging (0.5.2)
      rubocop (>= 1.33, < 2.0)
    rubocop-performance (1.18.0)
      rubocop (>= 1.7.0, < 2.0)
      rubocop-ast (>= 0.4.0)
    rubocop-rails (2.19.1)
      activesupport (>= 4.2.0)
      rack (>= 1.1)
      rubocop (>= 1.33.0, < 2.0)
    rubocop-rails_config (1.13.0)
      railties (>= 5.0)
      rubocop (>= 1.48.0)
      rubocop-ast (>= 1.26.0)
      rubocop-md
      rubocop-minitest (~> 0.22)
      rubocop-packaging (~> 0.5)
      rubocop-performance (~> 1.11)
      rubocop-rails (~> 2.0)
    ruby-progressbar (1.13.0)
    syntax_tree (6.1.1)
      prettier_print (>= 1.2.0)
    thor (1.2.1)
    tzinfo (2.0.6)
      concurrent-ruby (~> 1.0)
    unicode-display_width (2.4.2)
    zeitwerk (2.6.8)

PLATFORMS
  x86_64-linux

DEPENDENCIES
  minitest (~> 5.0)
  rail_inspector!
  rake (~> 13.0)
  rubocop
  rubocop-rails_config

BUNDLED WITH
   2.3.19
