GEM
  remote: https://rubygems.org/
  specs:
    minitest (5.18.0)
    prettier_print (1.2.1)
    rake (13.0.6)
    syntax_tree (6.1.1)
      prettier_print (>= 1.2.0)

PLATFORMS
  x86_64-linux

DEPENDENCIES
  minitest
  rake
  syntax_tree

BUNDLED WITH
   2.3.19
