GEM
  remote: https://rubygems.org/
  specs:
    minitest (5.17.0)
    prettier_print (1.2.0)
    rake (13.0.6)
    syntax_tree (6.0.0)
      prettier_print (>= 1.2.0)

PLATFORMS
  x86_64-linux

DEPENDENCIES
  minitest
  rake
  syntax_tree

BUNDLED WITH
   2.3.19
